GEM
  remote: https://rubygems.org/
  specs:
    colorize (0.8.1)
    diff-lcs (1.4.4)
    fuubar (2.5.0)
      rspec-core (~> 3.0)
      ruby-progressbar (~> 1.4)
    rspec (3.10.0)
      rspec-core (~> 3.10.0)
      rspec-expectations (~> 3.10.0)
      rspec-mocks (~> 3.10.0)
    rspec-core (3.10.0)
      rspec-support (~> 3.10.0)
    rspec-expectations (3.10.0)
      diff-lcs (>= 1.2.0, < 2.0)
      rspec-support (~> 3.10.0)
    rspec-mocks (3.10.0)
      diff-lcs (>= 1.2.0, < 2.0)
      rspec-support (~> 3.10.0)
    rspec-support (3.10.0)
    ruby-progressbar (1.10.1)
    simple-random (1.0.3)
    tty-font (0.5.0)

PLATFORMS
  ruby

DEPENDENCIES
  colorize (~> 0.8.1)
  fuubar (~> 2.5)
  rspec (~> 3.10)
  ruby-progressbar (~> 1.10)
  simple-random (~> 1.0)
  tty-font (~> 0.5.0)

BUNDLED WITH
   2.1.4
